PATH
  remote: .
  specs:
    rubulage (0.0.1)
      sqlite3

GEM
  remote: https://rubygems.org/
  specs:
    rake (10.1.0)
    sqlite3 (1.3.8)

PLATFORMS
  ruby

DEPENDENCIES
  bundler
  rake
  rubulage!
